PATH
  remote: .
  specs:
    ty (0.1.0)
      typhoeus (~> 0.3.3)

GEM
  remote: https://rubygems.org/
  specs:
    diff-lcs (1.1.3)
    mime-types (1.17.2)
    rspec (2.8.0)
      rspec-core (~> 2.8.0)
      rspec-expectations (~> 2.8.0)
      rspec-mocks (~> 2.8.0)
    rspec-core (2.8.0)
    rspec-expectations (2.8.0)
      diff-lcs (~> 1.1.2)
    rspec-mocks (2.8.0)
    typhoeus (0.3.3)
      mime-types

PLATFORMS
  ruby

DEPENDENCIES
  rspec (~> 2.8.0)
  ty!
